PATH
  remote: .
  specs:
    user_agent_parser (2.5.3)

GEM
  remote: https://rubygems.org/
  specs:
    coveralls_reborn (0.15.0)
      json (~> 2.1)
      simplecov (~> 0.18.1)
      term-ansicolor (~> 1.6)
      thor (>= 0.20.3, < 2.0)
      tins (~> 1.16)
    docile (1.3.2)
    json (2.3.0)
    json (2.3.0-java)
    minitest (5.14.0)
    rake (13.0.1)
    simplecov (0.18.5)
      docile (~> 1.1)
      simplecov-html (~> 0.11)
    simplecov-html (0.12.2)
    sync (0.5.0)
    term-ansicolor (1.7.1)
      tins (~> 1.0)
    thor (1.0.1)
    tins (1.24.1)
      sync

PLATFORMS
  java
  ruby

DEPENDENCIES
  coveralls_reborn
  minitest
  rake
  user_agent_parser!

BUNDLED WITH
   2.1.4
